GEM
  remote: https://rubygems.org/
  specs:
    artii (2.1.2)
    coderay (1.1.2)
    colorize (0.8.1)
    method_source (0.9.2)
    minitest (5.13.0)
    pry (0.12.2)
      coderay (~> 1.1.0)
      method_source (~> 0.9.0)

PLATFORMS
  ruby

DEPENDENCIES
  artii!
  colorize!
  minitest!
  pry!

BUNDLED WITH
   1.17.2
